GEM
  remote: https://rubygems.org/
  specs:
    nio4r (2.5.4)
    puma (5.2.0)
      nio4r (~> 2.0)
    rack (2.2.3)
    rack-host-redirect (1.3.0)
      rack

PLATFORMS
  ruby

DEPENDENCIES
  puma
  rack
  rack-host-redirect

BUNDLED WITH
   2.1.4
